GEM
  remote: http://rubygems.org/
  specs:
    cuba (2.0.0)
      rack (~> 1.2)
      tilt (~> 1.2)
    haml (3.1.1)
    hydeweb (0.1.14)
      cuba (>= 1.0.0)
      shake (~> 0.1)
      tilt (>= 1.2.2)
    rack (1.3.0)
    sass (3.1.1)
    shake (0.1.2)
    tilt (1.3.2)

PLATFORMS
  ruby

DEPENDENCIES
  haml
  hydeweb (~> 0.1.14)
  sass
